GEM
  remote: https://rubygems.org/
  specs:
    bcrypt (3.1.11)
    kgio (2.11.0)
    passenger (5.1.8)
      rack
      rake (>= 0.8.1)
    puma (3.10.0)
    rack (2.0.3)
    raindrops (0.19.0)
    rake (12.1.0)
    unicorn (5.3.0)
      kgio (~> 2.6)
      raindrops (~> 0.7)

PLATFORMS
  ruby

DEPENDENCIES
  bcrypt
  passenger
  puma
  rack
  unicorn

BUNDLED WITH
   1.15.4
